GEM
  remote: https://rubygems.org/
  specs:
    addressable (2.5.1)
      public_suffix (~> 2.0, >= 2.0.2)
    ansi (1.5.0)
    ast (2.4.0)
    httparty (0.15.5)
      multi_xml (>= 0.5.2)
    multi_xml (0.6.0)
    oga (2.10)
      ast
      ruby-ll (~> 2.1)
    public_suffix (2.0.5)
    ruby-ll (2.1.2)
      ansi
      ast

PLATFORMS
  ruby

DEPENDENCIES
  addressable!
  httparty!
  oga!

RUBY VERSION
   ruby 2.4.1p111

BUNDLED WITH
   1.15.0
